GEM
  remote: http://rubygems.org/
  specs:
    activemodel (3.0.0)
      activesupport (= 3.0.0)
      builder (~> 2.1.2)
      i18n (~> 0.4.1)
    activesupport (3.0.0)
    bson (1.0.7)
    bson_ext (1.0.4)
    builder (2.1.2)
    i18n (0.4.1)
    mongo (1.0.8)
      bson (>= 1.0.5)
    mongoid (2.0.0.beta9)
      activemodel (~> 3.0.0.beta)
      bson (~> 1.0.3)
      mongo (~> 1.0.3)
      tzinfo (~> 0.3.22)
      will_paginate (~> 3.0.pre)
    rspec (1.3.0)
    state_machine (0.9.4)
    tzinfo (0.3.23)
    will_paginate (3.0.pre2)

PLATFORMS
  ruby

DEPENDENCIES
  activemodel (>= 3.0.0)
  bson_ext (= 1.0.4)
  mongoid (>= 2.0.0.beta16)
  rspec
  state_machine (>= 0.9.2)
